PATH
  remote: .
  specs:
    gestion-de-notes (0.0.1)
      gli (= 2.14.0)

GEM
  remote: https://rubygems.org/
  specs:
    gli (2.14.0)
    json (1.8.3)
    minitest (5.9.1)
    rake (11.3.0)
    rdoc (4.2.2)
      json (~> 1.4)

PLATFORMS
  ruby

DEPENDENCIES
  gestion-de-notes!
  minitest
  rake
  rdoc

BUNDLED WITH
   1.13.2
